

GROUP Build
NUGET
  remote: http://www.nuget.org/api/v2
    FAKE (4.64.18)
    NuGet.CommandLine (5.7.0)
    NUnit.ConsoleRunner (3.11.1)
